GEM
  remote: http://www.rubygems.org/
  specs:
    highline (1.6.19)
    metaclass (0.0.1)
    mocha (0.14.0)
      metaclass (~> 0.0.1)

PLATFORMS
  ruby

DEPENDENCIES
  highline
  mocha
